REDIRECTS: ON
NUGET
  remote: https://nuget.org/api/v2
  specs:
    FAKE (4.11.0)
    FSharp.Compiler.Service (1.4.2.3)
    FSharp.Core (4.0.0.1)
    FSharp.Formatting (2.12.1-alpha3)
      FSharp.Compiler.Service (>= 1.4.2.0 < 1.5)
      FSharpVSPowerTools.Core (>= 2.2.0 < 2.3)
    FSharpVSPowerTools.Core (2.2.0)
      FSharp.Compiler.Service (>= 1.4.2.0)
    Mono.Cecil (0.9.6.1)
    NuGet.CommandLine (3.3.0)
    NUnit (2.6.4)
    NUnit.Runners (2.6.4)
    Unquote (3.1.0)
