NUGET
  remote: https://nuget.org/api/v2
  specs:
    FAKE (3.14.8)
    FSharp.Compiler.Service (0.0.82)
    FSharp.Formatting (2.6.3)
      FSharp.Compiler.Service (>= 0.0.81)
    Microsoft.AspNet.Razor (2.0.30506.0)
    NuGet.CommandLine (2.8.3)
    NUnit (2.6.4)
    NUnit.Runners (2.6.4)
    RazorEngine (3.5.2)
      Microsoft.AspNet.Razor (>= 3.0.0) - >= net45
      Microsoft.AspNet.Razor (2.0.30506.0) - >= net40 < net45
    Unquote (2.2.2)
    Yaaf.FSharp.Scripting (1.0.2)
      FSharp.Compiler.Service (>= 0.0.82)
