NUGET
  remote: https://nuget.org/api/v2
  specs:
    FAKE (3.26.7)
    FSharp.Compiler.Service (0.0.87)
    FSharp.Core (3.1.2.1)
    FSharp.Formatting (2.7.5)
      FSharp.Compiler.Service (>= 0.0.82)
      FSharpVSPowerTools.Core (>= 1.7.0)
    FSharpVSPowerTools.Core (1.7.0)
      FSharp.Compiler.Service (>= 0.0.81)
    Mono.Cecil (0.9.5.4)
    NuGet.CommandLine (2.8.5)
    NUnit (2.6.3)
    NUnit.Runners (2.6.4)
    Unquote (2.2.2)
