REDIRECTS: ON
NUGET
  remote: https://nuget.org/api/v2
  specs:
    FAKE (4.4.2)
    FSharp.Compiler.Service (0.0.90)
    FSharp.Core (4.0.0.1)
    FSharp.Formatting (2.11.0-alpha2)
      FSharp.Compiler.Service (>= 0.0.90 <= 1.3)
      FSharpVSPowerTools.Core (1.9.0)
    FSharpVSPowerTools.Core (1.9.0)
      FSharp.Compiler.Service (>= 0.0.90)
    Mono.Cecil (0.9.6.1)
    NuGet.CommandLine (2.8.6)
    NUnit (2.6.4)
    NUnit.Runners (2.6.4)
    Unquote (3.0.0)
